PATH
  remote: .
  specs:
    puma-plugin-statsd (0.1.5)
      json
      puma (>= 3.12, < 5)

GEM
  remote: https://rubygems.org/
  remote: https://SHfFDa6-y6in3-qidhP_@gem.fury.io/everfi/
  specs:
    everfi-gemfury (0.1.0)
      gemfury
    faraday (0.15.4)
      multipart-post (>= 1.2, < 3)
    gemfury (0.10.0)
      faraday (>= 0.9.0, < 0.16.0.pre)
      highline (>= 1.6.0, < 2.1.0.pre)
      multi_json (~> 1.10)
      netrc (>= 0.10.0, < 0.12.0.pre)
      thor (>= 0.14.0, < 1.0.0.pre)
    highline (2.0.3)
    json (2.3.0)
    minitest (5.13.0)
    multi_json (1.14.1)
    multipart-post (2.1.1)
    mustermann (1.0.3)
    netrc (0.11.0)
    nio4r (2.5.2)
    puma (4.3.1)
      nio4r (~> 2.0)
    rack (2.0.7)
    rack-protection (2.0.7)
      rack
    rake (13.0.0)
    sinatra (2.0.7)
      mustermann (~> 1.0)
      rack (~> 2.0)
      rack-protection (= 2.0.7)
      tilt (~> 2.0)
    thor (0.20.3)
    tilt (2.0.10)

PLATFORMS
  ruby

DEPENDENCIES
  bundler
  everfi-gemfury (~> 0.1)!
  minitest (~> 5.0)
  puma-plugin-statsd!
  rack
  rake
  sinatra

BUNDLED WITH
   1.17.2
